GEM
  remote: https://rubygems.org/
  specs:
    byebug (9.1.0)
    concurrent-ruby (1.1.8)
    faker (2.16.0)
      i18n (>= 1.6, < 2)
    i18n (1.8.9)
      concurrent-ruby (~> 1.0)
    ruby2d (0.9.5)

PLATFORMS
  x86_64-linux

DEPENDENCIES
  byebug (~> 9.0, >= 9.0.6)
  faker (~> 2.16)
  ruby2d (~> 0.9.5)

BUNDLED WITH
   2.2.11
